GEM
  remote: https://rubygems.org/
  specs:
    minitest (5.15.0)

PLATFORMS
  ruby

DEPENDENCIES
  minitest (~> 5.15)

BUNDLED WITH
   2.1.4
